PATH
  remote: .
  specs:
    nessus-client (0.2.2)
      excon (~> 0.45)
      terminal-table (= 1.4.5)
      thor (= 0.19.1)

GEM
  remote: https://rubygems.org/
  specs:
    excon (0.49.0)
    terminal-table (1.4.5)
    thor (0.19.1)

PLATFORMS
  ruby

DEPENDENCIES
  nessus-client!
