PATH
  remote: .
  specs:
    nessus-client (0.0.1)
      excon (~> 0.45)
      thor (= 0.19.1)

GEM
  remote: https://rubygems.org/
  specs:
    excon (0.45.3)
    thor (0.19.1)

PLATFORMS
  ruby

DEPENDENCIES
  nessus-client!
